PATH
  remote: .
  specs:
    lab42_rgxargs (0.1.10)

GEM
  remote: https://rubygems.org/
  specs:
    byebug (11.1.3)
    coderay (1.1.3)
    diff-lcs (1.3)
    method_source (1.0.0)
    pry (0.13.1)
      coderay (~> 1.1)
      method_source (~> 1.0)
    pry-byebug (3.9.0)
      byebug (~> 11.0)
      pry (~> 0.13.0)
    pry-doc (1.1.0)
      pry (~> 0.11)
      yard (~> 0.9.11)
    rspec (3.9.0)
      rspec-core (~> 3.9.0)
      rspec-expectations (~> 3.9.0)
      rspec-mocks (~> 3.9.0)
    rspec-core (3.9.1)
      rspec-support (~> 3.9.1)
    rspec-expectations (3.9.0)
      diff-lcs (>= 1.2.0, < 2.0)
      rspec-support (~> 3.9.0)
    rspec-mocks (3.9.1)
      diff-lcs (>= 1.2.0, < 2.0)
      rspec-support (~> 3.9.0)
    rspec-support (3.9.2)
    speculate_about (0.1.2)
      rspec (~> 3.9)
    yard (0.9.25)

PLATFORMS
  ruby

DEPENDENCIES
  lab42_rgxargs!
  pry-byebug (~> 3.7)
  pry-doc (~> 1.0)
  rspec (~> 3.9)
  speculate_about (~> 0.1.2)

BUNDLED WITH
   2.1.2
